GEM
  remote: https://rubygems.org/
  specs:
    bubble-wrap (1.4.0)
    dotenv (0.9.0)
    rake (10.1.1)

PLATFORMS
  ruby

DEPENDENCIES
  bubble-wrap
  dotenv
  rake
